PATH
  remote: .
  specs:
    edboxra (0.0.1)
      rest-client (~> 1.6)

GEM
  remote: http://rubygems.org/
  specs:
    fakeweb (1.3.0)
    mime-types (1.16)
    rest-client (1.6.1)
      mime-types (>= 1.16)

PLATFORMS
  ruby

DEPENDENCIES
  edboxra!
  fakeweb (~> 1.3)
