PATH
  remote: .
  specs:
    edboxra (0.0.1)
      json (~> 1.5)
      rest-client (~> 1.6)

GEM
  remote: http://rubygems.org/
  specs:
    addressable (2.2.4)
    crack (0.1.8)
    json (1.5.1)
    mime-types (1.16)
    rest-client (1.6.1)
      mime-types (>= 1.16)
    webmock (1.6.2)
      addressable (>= 2.2.2)
      crack (>= 0.1.7)

PLATFORMS
  ruby

DEPENDENCIES
  edboxra!
  webmock (~> 1.6)
